GEM
  remote: https://rubygems.org/
  specs:
    addressable (2.3.5)
    backports (3.3.5)
    box_puts (1.0.0)
    builder (3.2.2)
    capybara (2.1.0)
      mime-types (>= 1.16)
      nokogiri (>= 1.3.3)
      rack (>= 1.0.0)
      rack-test (>= 0.5.4)
      xpath (~> 2.0)
    colorize (0.6.0)
    commonjs (0.2.7)
    cookiejar (0.3.0)
    daemons (1.1.9)
    diff-lcs (1.2.4)
    ebnf (0.3.1)
      rdf
      sxp
    em-http-request (1.1.1)
      addressable (>= 2.3.4)
      cookiejar
      em-socksify (>= 0.3)
      eventmachine (>= 1.0.3)
      http_parser.rb (>= 0.6.0.beta.2)
    em-resolv-replace (1.1.3)
    em-socksify (0.3.0)
      eventmachine (>= 1.0.0.beta.4)
    em-synchrony (1.0.3)
      eventmachine (>= 1.0.0.beta.1)
    eventmachine (1.0.3)
    ffi (1.9.0)
    hashie (2.0.5)
    http_parser.rb (0.6.0.beta.2)
    jsmin (1.0.1)
    json (1.8.1)
    json_pure (1.8.1)
    less (2.4.0)
      commonjs (~> 0.2.7)
    libv8 (3.11.8.17)
    mime-types (2.0)
    mini_portile (0.5.2)
    multi_json (1.8.2)
    net-http-persistent (2.9)
    nokogiri (1.6.0)
      mini_portile (~> 0.5.0)
    oauth (0.4.7)
    omniauth (1.1.4)
      hashie (>= 1.2, < 3)
      rack
    omniauth-etsy (0.1.1)
      multi_json
      omniauth (~> 1.0)
      omniauth-oauth (~> 1.0)
    omniauth-oauth (1.0.1)
      oauth
      omniauth (~> 1.0)
    r18n-core (1.1.7)
    rack (1.5.2)
    rack-fiber_pool (0.9.3)
    rack-protection (1.5.1)
      rack
    rack-test (0.6.2)
      rack (>= 1.0)
    rdf (1.0.10)
      addressable (>= 2.3)
    rdf-aggregate-repo (0.1.2)
      rdf (>= 1.0)
    rdf-raptor (1.0.1)
      ffi (>= 1.0)
      rdf (>= 1.0.0)
    rdf-xsd (1.0.2.1)
      nokogiri (>= 1.5.0)
      rdf (>= 0.3.4)
    ref (1.0.4)
    rspec (2.14.1)
      rspec-core (~> 2.14.0)
      rspec-expectations (~> 2.14.0)
      rspec-mocks (~> 2.14.0)
    rspec-core (2.14.4)
    rspec-expectations (2.14.1)
      diff-lcs (>= 1.1.3, < 2.0)
    rspec-mocks (2.14.3)
    sinatra (1.4.4)
      rack (~> 1.4)
      rack-protection (~> 1.4)
      tilt (~> 1.3, >= 1.3.4)
    sinatra-assetpack (0.3.1)
      jsmin
      rack-test
      sinatra
      tilt (>= 1.3.0)
    sinatra-contrib (1.4.1)
      backports (>= 2.0)
      multi_json
      rack-protection
      rack-test
      sinatra (~> 1.4.0)
      tilt (~> 1.3)
    sinatra-r18n (1.1.7)
      r18n-core (= 1.1.7)
      sinatra (>= 1.3)
    sinatra-static-assets (1.0.4)
      sinatra (>= 1.1.0)
    sinatra-synchrony (0.4.1)
      em-http-request (~> 1.0)
      em-resolv-replace (~> 1.1)
      em-synchrony (~> 1.0.1)
      eventmachine (~> 1.0.0)
      rack-fiber_pool (~> 0.9)
      sinatra (~> 1.0)
    sparql (1.1.0)
      builder (>= 3.0)
      ebnf (>= 0.3.0)
      json (>= 1.7)
      rdf (>= 1.0.7)
      rdf-aggregate-repo
      rdf-xsd (>= 1.0.2)
      sparql-client (>= 1.0.3)
      sxp (>= 0.1.3)
    sparql-client (1.0.4.1)
      json_pure (>= 1.4)
      net-http-persistent (>= 1.4)
      rdf (>= 1.0)
    sxp (0.1.3)
      json (>= 1.1.1)
    therubyracer (0.11.4)
      libv8 (~> 3.11.8.12)
      ref
    thin (1.6.0)
      daemons (>= 1.0.9)
      eventmachine (>= 1.0.0)
      rack (>= 1.5.0)
    tilt (1.4.1)
    warden (1.2.3)
      rack (>= 1.0)
    xpath (2.0.0)
      nokogiri (~> 1.3)

PLATFORMS
  ruby

DEPENDENCIES
  box_puts
  capybara
  colorize
  json
  less
  omniauth
  omniauth-etsy
  rdf
  rdf-raptor
  rspec
  sinatra
  sinatra-assetpack
  sinatra-contrib
  sinatra-r18n
  sinatra-static-assets
  sinatra-synchrony
  sparql
  therubyracer
  thin
  warden
