GEM
  remote: https://rubygems.org/
  specs:
    activemodel (3.2.14)
      activesupport (= 3.2.14)
      builder (~> 3.0.0)
    activesupport (3.2.14)
      i18n (~> 0.6, >= 0.6.4)
      multi_json (~> 1.0)
    addressable (2.3.5)
    backports (3.3.5)
    box_puts (1.0.0)
    bson (1.9.2)
    bson_ext (1.9.2)
      bson (~> 1.9.2)
    builder (3.0.4)
    capybara (2.1.0)
      mime-types (>= 1.16)
      nokogiri (>= 1.3.3)
      rack (>= 1.0.0)
      rack-test (>= 0.5.4)
      xpath (~> 2.0)
    colorize (0.6.0)
    commonjs (0.2.7)
    cookiejar (0.3.0)
    daemons (1.1.9)
    diff-lcs (1.2.4)
    em-http-request (1.1.1)
      addressable (>= 2.3.4)
      cookiejar
      em-socksify (>= 0.3)
      eventmachine (>= 1.0.3)
      http_parser.rb (>= 0.6.0.beta.2)
    em-resolv-replace (1.1.3)
    em-socksify (0.3.0)
      eventmachine (>= 1.0.0.beta.4)
    em-synchrony (1.0.3)
      eventmachine (>= 1.0.0.beta.1)
    etsy (0.2.5)
      json (>= 1.5.0)
      oauth (~> 0.4.0)
    eventmachine (1.0.3)
    ffi (1.9.0)
    hashie (2.0.5)
    http_parser.rb (0.6.0.beta.2)
    i18n (0.6.5)
    jraiman_progressbar (1.0.1)
    jsmin (1.0.1)
    json (1.8.1)
    less (2.4.0)
      commonjs (~> 0.2.7)
    libv8 (3.11.8.17)
    mime-types (2.0)
    mini_portile (0.5.2)
    mongo (1.9.2)
      bson (~> 1.9.2)
    mongo_mapper (0.12.0)
      activemodel (~> 3.0)
      activesupport (~> 3.0)
      plucky (~> 0.5.2)
    mongo_mapper_parallel (1.0.9.1)
      colorize
      jraiman_progressbar
      mongo_mapper
      parallel
    multi_json (1.8.2)
    named_vector (1.0.1)
    nokogiri (1.6.0)
      mini_portile (~> 0.5.0)
    oauth (0.4.7)
    omniauth (1.1.4)
      hashie (>= 1.2, < 3)
      rack
    omniauth-etsy (0.1.1)
      multi_json
      omniauth (~> 1.0)
      omniauth-oauth (~> 1.0)
    omniauth-oauth (1.0.1)
      oauth
      omniauth (~> 1.0)
    parallel (0.9.1)
    plucky (0.5.2)
      mongo (~> 1.5)
    r18n-core (1.1.7)
    rack (1.5.2)
    rack-fiber_pool (0.9.3)
    rack-protection (1.5.1)
      rack
    rack-test (0.6.2)
      rack (>= 1.0)
    rdf (1.0.10)
      addressable (>= 2.3)
    rdf-mongo (1.0.3)
      addressable (>= 2.3.2)
      mongo (>= 1.5.1)
      rdf (>= 1.0)
    rdf-raptor (1.0.1)
      ffi (>= 1.0)
      rdf (>= 1.0.0)
    ref (1.0.4)
    rspec (2.14.1)
      rspec-core (~> 2.14.0)
      rspec-expectations (~> 2.14.0)
      rspec-mocks (~> 2.14.0)
    rspec-core (2.14.4)
    rspec-expectations (2.14.1)
      diff-lcs (>= 1.1.3, < 2.0)
    rspec-mocks (2.14.3)
    sinatra (1.4.4)
      rack (~> 1.4)
      rack-protection (~> 1.4)
      tilt (~> 1.3, >= 1.3.4)
    sinatra-assetpack (0.3.1)
      jsmin
      rack-test
      sinatra
      tilt (>= 1.3.0)
    sinatra-contrib (1.4.1)
      backports (>= 2.0)
      multi_json
      rack-protection
      rack-test
      sinatra (~> 1.4.0)
      tilt (~> 1.3)
    sinatra-r18n (1.1.7)
      r18n-core (= 1.1.7)
      sinatra (>= 1.3)
    sinatra-static-assets (1.0.4)
      sinatra (>= 1.1.0)
    sinatra-synchrony (0.4.1)
      em-http-request (~> 1.0)
      em-resolv-replace (~> 1.1)
      em-synchrony (~> 1.0.1)
      eventmachine (~> 1.0.0)
      rack-fiber_pool (~> 0.9)
      sinatra (~> 1.0)
    therubyracer (0.11.4)
      libv8 (~> 3.11.8.12)
      ref
    thin (1.6.0)
      daemons (>= 1.0.9)
      eventmachine (>= 1.0.0)
      rack (>= 1.5.0)
    tilt (1.4.1)
    warden (1.2.3)
      rack (>= 1.0)
    xpath (2.0.0)
      nokogiri (~> 1.3)

PLATFORMS
  ruby

DEPENDENCIES
  box_puts
  bson_ext
  capybara
  colorize
  etsy
  jraiman_progressbar
  json
  less
  libv8
  mongo_mapper (>= 0.12.0)
  mongo_mapper_parallel
  named_vector
  omniauth
  omniauth-etsy
  parallel
  rdf
  rdf-mongo
  rdf-raptor
  rspec
  sinatra
  sinatra-assetpack
  sinatra-contrib
  sinatra-r18n
  sinatra-static-assets
  sinatra-synchrony
  therubyracer
  thin
  warden
